GEM
  remote: https://rubygems.org/
  specs:
    dotenv (2.7.4)
    oauth (0.5.4)

PLATFORMS
  ruby

DEPENDENCIES
  dotenv
  oauth

BUNDLED WITH
   2.0.2
